GIT
  remote: https://github.com/fredjean/middleman-s3_sync.git
  revision: 39c3b84aafadbc8496f8fd8a139ef0117cfba62a
  ref: master
  specs:
    middleman-s3_sync (4.0.3)
      ansi (~> 1.5.0)
      fog-aws (>= 0.1.1)
      map
      middleman-cli
      middleman-core (>= 4.0.0)
      mime-types (~> 3.1)
      parallel
      ruby-progressbar
      unf

GIT
  remote: https://github.com/sass/sassc-ruby.git
  revision: 244d3dcc8b985e25bab066b296f0f202e43e41ad
  ref: refs/pull/233/head
  specs:
    sassc (2.4.0)

GEM
  remote: https://rubygems.org/
  specs:
    Ascii85 (1.1.1)
    activesupport (7.0.8.5)
      concurrent-ruby (~> 1.0, >= 1.0.2)
      i18n (>= 1.6, < 2)
      minitest (>= 5.1)
      tzinfo (~> 2.0)
    addressable (2.8.7)
      public_suffix (>= 2.0.2, < 7.0)
    afm (0.2.2)
    ansi (1.5.0)
    async (2.17.0)
      console (~> 1.26)
      fiber-annotation
      io-event (~> 1.6, >= 1.6.5)
    autoprefixer-rails (10.4.19.0)
      execjs (~> 2)
    backports (3.25.0)
    base64 (0.2.0)
    bigdecimal (3.1.8)
    bootstrap-sass (3.4.1)
      autoprefixer-rails (>= 5.2.1)
      sassc (>= 2.0.0)
    bourbon (6.0.0)
      thor (~> 0.19)
    builder (3.3.0)
    coffee-script (2.4.1)
      coffee-script-source
      execjs
    coffee-script-source (1.12.2)
    concurrent-ruby (1.3.4)
    console (1.27.0)
      fiber-annotation
      fiber-local (~> 1.1)
      json
    contracts (0.17.2)
    dotenv (3.1.4)
    em-websocket (0.5.3)
      eventmachine (>= 0.12.9)
      http_parser.rb (~> 0)
    erubis (2.7.0)
    ethon (0.16.0)
      ffi (>= 1.15.0)
    eventmachine (1.2.7)
    excon (1.0.0)
    execjs (2.9.1)
    fast_blank (1.0.1)
    fastimage (2.3.1)
    ffi (1.17.0)
    ffi (1.17.0-arm64-darwin)
    ffi (1.17.0-x86_64-linux-gnu)
    fiber-annotation (0.2.0)
    fiber-local (1.1.0)
      fiber-storage
    fiber-storage (1.0.0)
    fog-aws (3.29.0)
      base64 (~> 0.2.0)
      fog-core (~> 2.6)
      fog-json (~> 1.1)
      fog-xml (~> 0.1)
    fog-core (2.6.0)
      builder
      excon (~> 1.0)
      formatador (>= 0.2, < 2.0)
      mime-types
    fog-json (1.2.0)
      fog-core
      multi_json (~> 1.10)
    fog-xml (0.1.4)
      fog-core
      nokogiri (>= 1.5.11, < 2.0.0)
    font-awesome-sass (4.7.0)
      sass (>= 3.2)
    formatador (1.1.0)
    google-protobuf (4.28.2)
      bigdecimal
      rake (>= 13)
    google-protobuf (4.28.2-arm64-darwin)
      bigdecimal
      rake (>= 13)
    google-protobuf (4.28.2-x86_64-linux)
      bigdecimal
      rake (>= 13)
    haml (5.2.2)
      temple (>= 0.8.0)
      tilt
    hamster (3.0.0)
      concurrent-ruby (~> 1.0)
    hashery (2.1.2)
    hashie (3.6.0)
    html-proofer (5.0.9)
      addressable (~> 2.3)
      async (~> 2.1)
      nokogiri (~> 1.13)
      pdf-reader (~> 2.11)
      rainbow (~> 3.0)
      typhoeus (~> 1.3)
      yell (~> 2.0)
      zeitwerk (~> 2.5)
    htmlentities (4.3.4)
    http_parser.rb (0.8.0)
    i18n (1.6.0)
      concurrent-ruby (~> 1.0)
    io-event (1.7.2)
    json (2.7.2)
    kramdown (2.4.0)
      rexml
    listen (3.9.0)
      rb-fsevent (~> 0.10, >= 0.10.3)
      rb-inotify (~> 0.9, >= 0.9.10)
    logger (1.6.1)
    map (6.6.0)
    memoist (0.16.2)
    middleman (4.4.3)
      coffee-script (~> 2.2)
      haml (>= 4.0.5, < 6.0)
      kramdown (>= 2.3.0)
      middleman-cli (= 4.4.3)
      middleman-core (= 4.4.3)
    middleman-autoprefixer (3.0.0)
      autoprefixer-rails (~> 10.0)
      middleman-core (>= 4.0.0)
    middleman-blog (4.0.1)
      addressable (~> 2.3)
      middleman-core (>= 4.0.0)
      tzinfo (>= 0.3.0)
    middleman-cli (4.4.3)
      thor (>= 0.17.0, < 2.0)
    middleman-core (4.4.3)
      activesupport (>= 6.1, < 7.1)
      addressable (~> 2.4)
      backports (~> 3.6)
      bundler (~> 2.0)
      contracts (~> 0.13)
      dotenv
      erubis
      execjs (~> 2.0)
      fast_blank
      fastimage (~> 2.0)
      hamster (~> 3.0)
      hashie (~> 3.4)
      i18n (~> 1.6.0)
      listen (~> 3.0)
      memoist (~> 0.14)
      padrino-helpers (~> 0.15.0)
      parallel
      rack (>= 1.4.5, < 3)
      sassc (~> 2.0)
      servolux
      tilt (~> 2.0.9)
      toml
      uglifier (~> 3.0)
      webrick
    middleman-gh-pages (0.4.1)
      rake (> 0.9.3)
    middleman-livereload (3.4.7)
      em-websocket (~> 0.5.1)
      middleman-core (>= 3.3)
      rack-livereload (~> 0.3.15)
    middleman-sprockets (4.1.1)
      middleman-core (~> 4.0)
      sprockets (>= 3.0)
    mime-types (3.6.0)
      logger
      mime-types-data (~> 3.2015)
    mime-types-data (3.2024.1001)
    mini_portile2 (2.8.7)
    minitest (5.25.1)
    multi_json (1.15.0)
    neat (4.0.0)
      thor (~> 0.19)
    nokogiri (1.16.7)
      mini_portile2 (~> 2.8.2)
      racc (~> 1.4)
    nokogiri (1.16.7-arm64-darwin)
      racc (~> 1.4)
    nokogiri (1.16.7-x86_64-linux)
      racc (~> 1.4)
    padrino-helpers (0.15.3)
      i18n (>= 0.6.7, < 2)
      padrino-support (= 0.15.3)
      tilt (>= 1.4.1, < 3)
    padrino-support (0.15.3)
    parallel (1.26.3)
    parslet (2.0.0)
    pdf-reader (2.12.0)
      Ascii85 (~> 1.0)
      afm (~> 0.2.1)
      hashery (~> 2.0)
      ruby-rc4
      ttfunk
    public_suffix (6.0.1)
    racc (1.8.1)
    rack (2.2.10)
    rack-livereload (0.3.17)
      rack
    rainbow (3.1.1)
    rake (13.2.1)
    rb-fsevent (0.11.2)
    rb-inotify (0.11.1)
      ffi (~> 1.0)
    redcarpet (3.6.0)
    rexml (3.3.8)
    ruby-progressbar (1.13.0)
    ruby-rc4 (0.1.5)
    sass (3.7.4)
      sass-listen (~> 4.0.0)
    sass-embedded (1.80.2)
      google-protobuf (~> 4.28)
      rake (>= 13)
    sass-embedded (1.80.2-arm64-darwin)
      google-protobuf (~> 4.28)
    sass-embedded (1.80.2-x86_64-linux-gnu)
      google-protobuf (~> 4.28)
    sass-listen (4.0.0)
      rb-fsevent (~> 0.9, >= 0.9.4)
      rb-inotify (~> 0.9, >= 0.9.7)
    sassc-embedded (1.80.1)
      sass-embedded (~> 1.80)
    servolux (0.13.0)
    sprockets (3.7.2)
      concurrent-ruby (~> 1.0)
      rack (> 1, < 3)
    temple (0.10.3)
    thor (0.20.3)
    tilt (2.0.11)
    toml (0.3.0)
      parslet (>= 1.8.0, < 3.0.0)
    ttfunk (1.8.0)
      bigdecimal (~> 3.1)
    typhoeus (1.4.1)
      ethon (>= 0.9.0)
    tzinfo (2.0.6)
      concurrent-ruby (~> 1.0)
    uglifier (3.2.0)
      execjs (>= 0.3.0, < 3)
    unf (0.2.0)
    webrick (1.8.2)
    yell (2.2.2)
    zeitwerk (2.7.0)

PLATFORMS
  arm64-darwin
  ruby
  x86_64-linux

DEPENDENCIES
  bootstrap-sass
  bourbon
  builder
  font-awesome-sass
  html-proofer
  htmlentities
  middleman
  middleman-autoprefixer
  middleman-blog (= 4.0.1)
  middleman-gh-pages
  middleman-livereload
  middleman-s3_sync!
  middleman-sprockets
  mime-types
  neat
  rake
  redcarpet
  sassc!
  sassc-embedded

RUBY VERSION
   ruby 3.3.2p78

BUNDLED WITH
   2.5.11
